GEM
  remote: https://rubygems.org/
  specs:
    activesupport (4.0.3)
      i18n (~> 0.6, >= 0.6.4)
      minitest (~> 4.2)
      multi_json (~> 1.3)
      thread_safe (~> 0.1)
      tzinfo (~> 0.3.37)
    atomic (1.1.14)
    celluloid (0.15.2)
      timers (~> 1.1.0)
    celluloid-io (0.15.0)
      celluloid (>= 0.15.0)
      nio4r (>= 0.5.0)
    coderay (1.1.0)
    fetcher (0.4.2)
      logutils (>= 0.6)
    ffi (1.9.3)
    formatador (0.2.4)
    gli (2.9.0)
    guard (2.4.0)
      formatador (>= 0.2.4)
      listen (~> 2.1)
      lumberjack (~> 1.0)
      pry (>= 0.9.12)
      thor (>= 0.18.1)
    guard-shell (0.6.1)
      guard (>= 1.1.0)
    i18n (0.6.9)
    kramdown (1.3.2)
    listen (2.5.0)
      celluloid (>= 0.15.2)
      celluloid-io (>= 0.15.0)
      rb-fsevent (>= 0.9.3)
      rb-inotify (>= 0.9)
    logutils (0.6.0)
    lumberjack (1.0.4)
    markdown (1.1.1)
      kramdown (>= 1.0.2)
      props (>= 1.0.0)
      textutils (>= 0.6.4)
    method_source (0.8.2)
    minitest (4.7.5)
    multi_json (1.8.4)
    nio4r (1.0.0)
    pakman (0.5.0)
      fetcher (>= 0.3.0)
      logutils (>= 0.6.0)
    props (1.0.3)
    pry (0.9.12.6)
      coderay (~> 1.0)
      method_source (~> 0.8)
      slop (~> 3.4)
    rb-fsevent (0.9.4)
    rb-inotify (0.9.3)
      ffi (>= 0.5.0)
    slideshow (2.3.0)
      activesupport (>= 3.2.6)
      gli (>= 2.5.6)
      logutils (>= 0.6.0)
      markdown (>= 1.0.0)
      pakman (>= 0.4.0)
      props (>= 1.0.0)
      textutils (>= 0.2.0)
    slop (3.4.7)
    textutils (0.8.6)
      logutils (~> 0.5)
    thor (0.18.1)
    thread_safe (0.1.3)
      atomic
    timers (1.1.0)
    tzinfo (0.3.38)

PLATFORMS
  ruby

DEPENDENCIES
  guard
  guard-shell
  slideshow
